PATH
  remote: .
  specs:
    yol_qy_weixin (0.0.8)
      multi_xml
      nokogiri
      roxml

GEM
  remote: https://rubygems.org/
  specs:
    activesupport (6.0.3.2)
      concurrent-ruby (~> 1.0, >= 1.0.2)
      i18n (>= 0.7, < 2)
      minitest (~> 5.1)
      tzinfo (~> 1.1)
      zeitwerk (~> 2.2, >= 2.2.2)
    concurrent-ruby (1.1.8)
    i18n (1.8.10)
      concurrent-ruby (~> 1.0)
    minitest (5.14.4)
    multi_xml (0.6.0)
    nokogiri (1.11.3-x86_64-darwin)
      racc (~> 1.4)
    racc (1.5.2)
    rake (13.0.1)
    roxml (4.1.1)
      activesupport (>= 4.0)
      nokogiri (>= 1.3.3)
    thread_safe (0.3.6)
    tzinfo (1.2.9)
      thread_safe (~> 0.1)
    zeitwerk (2.4.0)

PLATFORMS
  ruby

DEPENDENCIES
  bundler
  rake
  yol_qy_weixin!

BUNDLED WITH
   2.1.4
